PATH
  remote: .
  specs:
    thefox-ext (1.2.0.pre.dev.3)

GEM
  remote: https://rubygems.org/
  specs:
    minitest (5.8.3)

PLATFORMS
  ruby

DEPENDENCIES
  bundler (~> 1.10)
  minitest (~> 5.8)
  thefox-ext!

BUNDLED WITH
   1.10.2
