PATH
  remote: .
  specs:
    thefox-ext (1.1.1)

GEM
  remote: https://rubygems.org/
  specs:

PLATFORMS
  ruby

DEPENDENCIES
  thefox-ext!

BUNDLED WITH
   1.10.2
